PATH
  remote: .
  specs:
    r7 (0.0.1)
      gli (~> 2.21.1)

GEM
  remote: https://rubygems.org/
  specs:
    gli (2.21.1)
    minitest (5.22.3)
    psych (5.1.2)
      stringio
    rake (13.1.0)
    rdoc (6.6.2)
      psych (>= 4.0.0)
    stringio (3.1.0)

PLATFORMS
  arm64-darwin-21

DEPENDENCIES
  minitest
  r7!
  rake
  rdoc

BUNDLED WITH
   2.4.8
